GEM
  remote: http://rubygems.org/
  specs:
    activemodel (5.2.0)
      activesupport (= 5.2.0)
    activerecord (5.2.0)
      activemodel (= 5.2.0)
      activesupport (= 5.2.0)
      arel (>= 9.0)
    activesupport (5.2.0)
      concurrent-ruby (~> 1.0, >= 1.0.2)
      i18n (>= 0.7, < 2)
      minitest (~> 5.1)
      tzinfo (~> 1.1)
    arel (9.0.0)
    backports (3.11.3)
    builder (3.2.3)
    coderay (1.1.2)
    concurrent-ruby (1.0.5)
    i18n (1.0.1)
      concurrent-ruby (~> 1.0)
    mail (2.7.0)
      mini_mime (>= 0.1.1)
    method_source (0.9.0)
    mini_mime (1.0.0)
    mini_portile2 (2.3.0)
    minitest (5.11.3)
    multi_json (1.13.1)
    mustermann (1.0.2)
    nokogiri (1.8.4)
      mini_portile2 (~> 2.3.0)
    pg (0.21.0)
    pony (1.12)
      mail (>= 2.0)
    pry (0.11.3)
      coderay (~> 1.1.0)
      method_source (~> 0.9.0)
    puma (3.11.4)
    rack (2.0.5)
    rack-protection (2.0.3)
      rack
    rake (12.3.1)
    sinatra (2.0.3)
      mustermann (~> 1.0)
      rack (~> 2.0)
      rack-protection (= 2.0.3)
      tilt (~> 2.0)
    sinatra-activerecord (2.0.13)
      activerecord (>= 3.2)
      sinatra (>= 1.0)
    sinatra-contrib (2.0.3)
      activesupport (>= 4.0.0)
      backports (>= 2.8.2)
      multi_json
      mustermann (~> 1.0)
      rack-protection (= 2.0.3)
      sinatra (= 2.0.3)
      tilt (>= 1.3, < 3)
    sqlite3 (1.3.13)
    thread_safe (0.3.6)
    tilt (2.0.8)
    tzinfo (1.2.5)
      thread_safe (~> 0.1)

PLATFORMS
  ruby

DEPENDENCIES
  builder (~> 3.2.0)
  nokogiri (~> 1.8.0)
  pg (~> 0.21.0)
  pony (~> 1.0)
  pry (~> 0.11.0)
  puma (~> 3.11.0)
  rake (~> 12.3.0)
  sinatra (~> 2.0.0)
  sinatra-activerecord (~> 2.0.0)
  sinatra-contrib (~> 2.0.0)
  sqlite3 (~> 1.3.0)

BUNDLED WITH
   1.16.3
